{
    "AcquisitionNumber": 1,
    "AcquisitionTime": "13:46:59.210000",
    "BrainVoyagerInfo": {
        "AcquisitionTime": "134659.210000",
        "CalculatedDicomSlice1CenterX": -4.481694221496582,
        "CalculatedDicomSlice1CenterY": -33.854942321777344,
        "CalculatedDicomSlice1CenterZ": -87.51439666748047,
        "CalculatedDicomSliceNCenterX": 0.6927977204322815,
        "CalculatedDicomSliceNCenterY": 12.873970985412598,
        "CalculatedDicomSliceNCenterZ": 31.000940322875977,
        "CoordinateSystem": 1,
        "DataStorageFormat": 2,
        "DataType": 2,
        "DicomColDirX": 0,
        "DicomColDirY": 0.9302984476089478,
        "DicomColDirZ": -0.36680343747138977,
        "DicomFoVCols": 210,
        "DicomFoVRows": 210,
        "DicomGapThickness": 0,
        "DicomNCols": 84,
        "DicomNRows": 84,
        "DicomPosInfoPresent": 1,
        "DicomRowDirX": 0.9991761445999146,
        "DicomRowDirY": -0.014886468648910522,
        "DicomRowDirZ": -0.03775545209646225,
        "DicomSliceThickness": 2.5,
        "DocumentType": "FMR",
        "MultiBandSequence": true,
        "NrOfPastSpatialTransformations": 0,
        "NrOfPreprocessingSteps": 0,
        "NrOfSkippedVolumes": 0,
        "Protocol": {
            "Conditions": [
                {
                    "ColorB": 255,
                    "ColorG": 0,
                    "ColorR": 0,
                    "IntervalsFrom": [
                        17,
                        33,
                        49,
                        61,
                        69,
                        85,
                        105,
                        149,
                        161,
                        173,
                        197,
                        205,
                        217,
                        233,
                        245,
                        253,
                        265,
                        273
                    ],
                    "IntervalsTo": [
                        24,
                        40,
                        56,
                        64,
                        80,
                        92,
                        112,
                        152,
                        168,
                        184,
                        200,
                        208,
                        228,
                        236,
                        248,
                        260,
                        268,
                        288
                    ],
                    "Name": "Face",
                    "NrOfIntervals": 18
                },
                {
                    "ColorB": 255,
                    "ColorG": 255,
                    "ColorR": 0,
                    "IntervalsFrom": [
                        25,
                        41,
                        57,
                        65,
                        81,
                        93,
                        113,
                        153,
                        169,
                        185,
                        201,
                        209,
                        229,
                        237,
                        249,
                        261,
                        269
                    ],
                    "IntervalsTo": [
                        32,
                        48,
                        60,
                        68,
                        84,
                        104,
                        148,
                        160,
                        172,
                        196,
                        204,
                        216,
                        232,
                        244,
                        252,
                        264,
                        272
                    ],
                    "Name": "Hand",
                    "NrOfIntervals": 17
                }
            ],
            "FileName": "sub-19_ses-01_VAR1_run-5.prt",
            "Name": "newbi4fmri_VAR1_Suboptimal-Block-Designs",
            "NrOfConditions": 2,
            "TimeCourseColors": {
                "RefTCPenThick": 3,
                "RefTimeCourseB": 80,
                "RefTimeCourseG": 0,
                "RefTimeCourseR": 0,
                "TCBackColorB": 0,
                "TCBackColorG": 0,
                "TCBackColorR": 0,
                "TCPenThick": 3,
                "TCTextColorB": 255,
                "TCTextColorG": 255,
                "TCTextColorR": 255,
                "TimeCourseB": 255,
                "TimeCourseG": 255,
                "TimeCourseR": 255
            },
            "TimeResolution": "Volumes"
        },
        "SliceAcquisitionOrder": 5,
        "SliceAcquisitionOrderVerified": true,
        "SliceGap": 0,
        "SliceThickness": 2.5,
        "SliceTimingTable": [
            0,
            0.5275,
            0.075,
            0.6025,
            0.15,
            0.6775,
            0.225,
            0.7525,
            0.3,
            0.8275,
            0.375,
            0.905,
            0.4525,
            0,
            0.5275,
            0.075,
            0.6025,
            0.15,
            0.6775,
            0.225,
            0.7525,
            0.3,
            0.8275,
            0.375,
            0.905,
            0.4525,
            0,
            0.5275,
            0.075,
            0.6025,
            0.15,
            0.6775,
            0.225,
            0.7525,
            0.3,
            0.8275,
            0.375,
            0.905,
            0.4525,
            0,
            0.5275,
            0.075,
            0.6025,
            0.15,
            0.6775,
            0.225,
            0.7525,
            0.3,
            0.8275,
            0.375,
            0.905,
            0.4525
        ],
        "SliceTimingTableSize": 52,
        "TE": 0.028,
        "TR": 1,
        "TimeResolutionVerified": true,
        "Version": 1,
        "VoxelResolutionVerified": true
    },
    "ConversionSoftware": "BrainVoyager",
    "ConversionSoftwareVersion": "21.4.5.4030",
    "ImageNumber": 1,
    "ImageOrientationPatientDICOM": [
        0.99917612001848,
        -0.0148864687323,
        -0.0377554530299,
        2.9659582e-08,
        0.93029847222186,
        -0.3668034249863
    ],
    "ImagePositionPatientDICOM": [
        -842.54068014417,
        -801.65672288484,
        251.80937696723
    ],
    "ImageType": "ORIGINAL PRIMARY M MB ND NORM MOSAIC",
    "MagneticFieldStrength": 3,
    "Manufacturer": "SIEMENS",
    "ManufacturersModelName": "Prisma_fit",
    "Modality": "MR",
    "NrOfTemporalPositions": 0,
    "PatientPosition": "HFS",
    "RepetitionTime": 1,
    "SeriesDescription": "ep_mb4_2.5iso_300",
    "SeriesNumber": 7,
    "SiemensMosaicSliceAcqOrder": 3,
    "SiemensMosaicTE": 0.028,
    "SiemensMosaicTR": 1,
    "SliceThickness": 2.5,
    "SliceTiming": [
        0,
        0.5275,
        0.075,
        0.6025,
        0.15,
        0.6775,
        0.225,
        0.7525,
        0.3,
        0.8275,
        0.375,
        0.905,
        0.4525,
        0,
        0.5275,
        0.075,
        0.6025,
        0.15,
        0.6775,
        0.225,
        0.7525,
        0.3,
        0.8275,
        0.375,
        0.905,
        0.4525,
        0,
        0.5275,
        0.075,
        0.6025,
        0.15,
        0.6775,
        0.225,
        0.7525,
        0.3,
        0.8275,
        0.375,
        0.905,
        0.4525,
        0,
        0.5275,
        0.075,
        0.6025,
        0.15,
        0.6775,
        0.225,
        0.7525,
        0.3,
        0.8275,
        0.375,
        0.905,
        0.4525
    ],
    "StudyDescription": "newbi4fmri_VAR1_Suboptimal-Block-Designs",
    "TaskName": "newbi4fmri_VAR1_Suboptimal-Block-Designs"
}
